PATH
  remote: .
  specs:
    candidate (0.0.1)
      clamp (~> 0.3.0)
      multi_json (~> 1.3)
      rest-client (~> 1.6)

GEM
  remote: http://rubygems.org/
  specs:
    clamp (0.3.1)
    mime-types (1.18)
    minitest (2.12.1)
    multi_json (1.3.2)
    rake (0.9.2.2)
    rest-client (1.6.7)
      mime-types (>= 1.16)
    simplecov (0.6.2)
      multi_json (~> 1.3)
      simplecov-html (~> 0.5.3)
    simplecov-html (0.5.3)

PLATFORMS
  ruby

DEPENDENCIES
  candidate!
  minitest (~> 2.12)
  rake (~> 0.9.2)
  simplecov (~> 0.6)
